PATH
  remote: .
  specs:
    colrapi (0.1.0)
      faraday (~> 1.0)
      faraday_middleware (~> 1.2)
      multi_json (~> 1.15)

GEM
  remote: https://rubygems.org/
  specs:
    byebug (11.1.3)
    faraday (1.9.3)
      faraday-em_http (~> 1.0)
      faraday-em_synchrony (~> 1.0)
      faraday-excon (~> 1.1)
      faraday-httpclient (~> 1.0)
      faraday-multipart (~> 1.0)
      faraday-net_http (~> 1.0)
      faraday-net_http_persistent (~> 1.0)
      faraday-patron (~> 1.0)
      faraday-rack (~> 1.0)
      faraday-retry (~> 1.0)
      ruby2_keywords (>= 0.0.4)
    faraday-em_http (1.0.0)
    faraday-em_synchrony (1.0.0)
    faraday-excon (1.1.0)
    faraday-httpclient (1.0.1)
    faraday-multipart (1.0.3)
      multipart-post (>= 1.2, < 3)
    faraday-net_http (1.0.1)
    faraday-net_http_persistent (1.2.0)
    faraday-patron (1.0.0)
    faraday-rack (1.0.0)
    faraday-retry (1.0.3)
    faraday_middleware (1.2.0)
      faraday (~> 1.0)
    minitest (5.15.0)
    multi_json (1.15.0)
    multipart-post (2.1.1)
    power_assert (2.0.1)
    rake (13.0.6)
    ruby2_keywords (0.0.5)
    test-unit (3.5.3)
      power_assert
    vcr (6.0.0)

PLATFORMS
  x86_64-linux

DEPENDENCIES
  bundler (~> 2.1, >= 2.1.4)
  byebug
  colrapi!
  minitest (~> 5.0)
  rake (~> 13.0)
  test-unit (~> 3.3, >= 3.3.6)
  vcr (~> 6.0)

BUNDLED WITH
   2.2.22
