PATH
  remote: .
  specs:
    colrapi (0.1.1)
      faraday (~> 2.2)
      faraday-follow_redirects (>= 0.1, < 0.4)
      multi_json (~> 1.15)

GEM
  remote: https://rubygems.org/
  specs:
    addressable (2.8.1)
      public_suffix (>= 2.0.2, < 6.0)
    byebug (11.1.3)
    crack (0.4.5)
      rexml
    faraday (2.7.4)
      faraday-net_http (>= 2.0, < 3.1)
      ruby2_keywords (>= 0.0.4)
    faraday-follow_redirects (0.3.0)
      faraday (>= 1, < 3)
    faraday-net_http (3.0.2)
    hashdiff (1.0.1)
    minitest (5.15.0)
    multi_json (1.15.0)
    power_assert (2.0.1)
    public_suffix (5.0.1)
    rake (13.0.6)
    rexml (3.2.5)
    ruby2_keywords (0.0.5)
    rubyzip (2.3.2)
    test-unit (3.5.3)
      power_assert
    vcr (6.0.0)
    webmock (3.18.1)
      addressable (>= 2.8.0)
      crack (>= 0.3.2)
      hashdiff (>= 0.4.0, < 2.0.0)

PLATFORMS
  x86_64-linux

DEPENDENCIES
  bundler (~> 2.1, >= 2.1.4)
  byebug
  colrapi!
  minitest (~> 5.0)
  rake (~> 13.0)
  rubyzip
  test-unit (~> 3.3, >= 3.3.6)
  vcr (~> 6.0)
  webmock (~> 3.18)

BUNDLED WITH
   2.3.24
